PATH
  remote: .
  specs:
    ecircle (0.0.2)
      active_support
      i18n
      rake
      savon (>= 0.9.7)

GEM
  remote: http://rubygems.org/
  specs:
    active_support (3.0.0)
      activesupport (= 3.0.0)
    activesupport (3.0.0)
    akami (1.0.0)
      gyoku (>= 0.4.0)
    builder (3.0.0)
    diff-lcs (1.1.3)
    gyoku (0.4.4)
      builder (>= 2.1.2)
    httpi (0.9.5)
      rack
    i18n (0.6.0)
    nokogiri (1.5.0)
    nori (1.0.2)
    rack (1.3.4)
    rake (0.9.2)
    rspec (2.6.0)
      rspec-core (~> 2.6.0)
      rspec-expectations (~> 2.6.0)
      rspec-mocks (~> 2.6.0)
    rspec-core (2.6.4)
    rspec-expectations (2.6.0)
      diff-lcs (~> 1.1.2)
    rspec-mocks (2.6.0)
    savon (0.9.7)
      akami (~> 1.0)
      builder (>= 2.1.2)
      gyoku (>= 0.4.0)
      httpi (~> 0.9)
      nokogiri (>= 1.4.0)
      nori (~> 1.0)
      wasabi (~> 2.0)
    wasabi (2.0.0)
      nokogiri (>= 1.4.0)

PLATFORMS
  ruby

DEPENDENCIES
  ecircle!
  rspec (= 2.6.0)
