PATH
  remote: .
  specs:
    ecircle (0.1.7)
      activesupport
      i18n
      rake
      savon (>= 0.9.7)

GEM
  remote: http://rubygems.org/
  specs:
    activesupport (3.2.6)
      i18n (~> 0.6)
      multi_json (~> 1.0)
    akami (1.1.0)
      gyoku (>= 0.4.0)
      nokogiri (>= 1.5.2)
    archive-tar-minitar (0.5.2)
    builder (3.0.0)
    columnize (0.3.6)
    diff-lcs (1.1.3)
    gyoku (0.4.5)
      builder (>= 2.1.2)
    httpi (1.0.0)
      rack
    i18n (0.6.0)
    linecache19 (0.5.12)
      ruby_core_source (>= 0.1.4)
    multi_json (1.3.6)
    nokogiri (1.5.4)
    nori (1.1.0)
    rack (1.4.1)
    rake (0.9.2.2)
    random_data (1.5.2)
    rspec (2.6.0)
      rspec-core (~> 2.6.0)
      rspec-expectations (~> 2.6.0)
      rspec-mocks (~> 2.6.0)
    rspec-core (2.6.4)
    rspec-expectations (2.6.0)
      diff-lcs (~> 1.1.2)
    rspec-mocks (2.6.0)
    ruby-debug-base19 (0.11.25)
      columnize (>= 0.3.1)
      linecache19 (>= 0.5.11)
      ruby_core_source (>= 0.1.4)
    ruby-debug19 (0.11.6)
      columnize (>= 0.3.1)
      linecache19 (>= 0.5.11)
      ruby-debug-base19 (>= 0.11.19)
    ruby_core_source (0.1.5)
      archive-tar-minitar (>= 0.5.2)
    savon (1.0.0)
      akami (~> 1.1)
      builder (>= 2.1.2)
      gyoku (>= 0.4.0)
      httpi (~> 1.0)
      nokogiri (>= 1.4.0)
      nori (~> 1.1)
      wasabi (~> 2.2)
    savon_spec (1.3.0)
      rspec (>= 2.0.0)
      savon (~> 1.0)
    wasabi (2.4.1)
      httpi (~> 1.0)
      nokogiri (>= 1.4.0)
    yard (0.8.2.1)

PLATFORMS
  ruby

DEPENDENCIES
  ecircle!
  random_data (= 1.5.2)
  rspec (= 2.6.0)
  ruby-debug19
  savon_spec
  yard
